PATH
  remote: .
  specs:
    newclear (1.0)

GEM
  remote: https://rubygems.org/
  specs:
    rake (10.4.0)

PLATFORMS
  ruby

DEPENDENCIES
  newclear!
  rake
